PATH
  remote: .
  specs:
    uk_companies_house (0.1.4)
      faraday
      faraday_middleware

GEM
  remote: https://rubygems.org/
  specs:
    faraday (0.15.2)
      multipart-post (>= 1.2, < 3)
    faraday_middleware (0.12.2)
      faraday (>= 0.7.4, < 1.0)
    minitest (5.11.3)
    multipart-post (2.0.0)
    rake (10.5.0)

PLATFORMS
  ruby

DEPENDENCIES
  bundler (~> 1.16)
  minitest (~> 5.0)
  rake (~> 10.0)
  uk_companies_house!

BUNDLED WITH
   1.16.2
